GEM
  remote: https://rubygems.org/
  specs:
    bcrypt (3.1.11)
    faraday (0.9.0)
      multipart-post (>= 1.2, < 3)
    jwt (1.5.6)
    multipart-post (2.0.0)
    net-http-persistent (2.9.4)
    orchestrate (0.11.4)
      faraday (= 0.9.0)
      net-http-persistent (~> 2.9)
    pg (0.19.0)
    rack (1.6.4)
    rack-protection (1.5.3)
      rack
    sequel (4.38.0)
    sinatra (1.4.7)
      rack (~> 1.5)
      rack-protection (~> 1.4)
      tilt (>= 1.3, < 3)
    sqlite3 (1.3.11)
    tilt (2.0.5)

PLATFORMS
  ruby

DEPENDENCIES
  bcrypt
  jwt
  orchestrate
  pg
  rack
  sequel
  sinatra
  sqlite3

BUNDLED WITH
   1.12.5
